GEM
  remote: http://gemcutter.org/
  specs:
    crack (0.1.8)
    httparty (0.7.8)
      crack (= 0.1.8)
    json (1.5.3)
    rake (0.9.2)

PLATFORMS
  ruby

DEPENDENCIES
  httparty
  json
  rake
