GEM
  remote: http://gemcutter.org/
  specs:
    aaronh-chronic (0.3.9)
    activesupport (3.0.10)
    addressable (2.2.6)
    crack (0.1.8)
    data_objects (0.10.6)
      addressable (~> 2.1)
    datamapper (0.3.2)
      fastthread (> 0.0.0)
      json (> 0.0.0)
      rspec (> 0.0.0)
      validatable (> 0.0.0)
    diff-lcs (1.1.3)
    dm-core (1.1.0)
      addressable (~> 2.2.4)
    dm-do-adapter (1.1.0)
      data_objects (~> 0.10.2)
      dm-core (~> 1.1.0)
    dm-migrations (1.1.0)
      dm-core (~> 1.1.0)
    dm-mysql-adapter (1.1.0)
      dm-do-adapter (~> 1.1.0)
      do_mysql (~> 0.10.2)
    do_mysql (0.10.6)
      data_objects (= 0.10.6)
    fastthread (1.0.7)
    httparty (0.7.8)
      crack (= 0.1.8)
    i18n (0.6.0)
    json (1.5.3)
    rake (0.9.2)
    rspec (2.6.0)
      rspec-core (~> 2.6.0)
      rspec-expectations (~> 2.6.0)
      rspec-mocks (~> 2.6.0)
    rspec-core (2.6.4)
    rspec-expectations (2.6.0)
      diff-lcs (~> 1.1.2)
    rspec-mocks (2.6.0)
    validatable (1.6.7)
    whenever (0.6.8)
      aaronh-chronic (>= 0.3.9)
      activesupport (>= 2.3.4)

PLATFORMS
  ruby

DEPENDENCIES
  datamapper
  dm-migrations
  dm-mysql-adapter
  httparty
  i18n
  json
  rake
  whenever
